PATH
  remote: .
  specs:
    omniauth-xero-oauth2 (1.0.2)
      omniauth (~> 2.0.0)
      omniauth-oauth2 (~> 1.7.1)

GEM
  remote: https://rubygems.org/
  specs:
    faraday (2.7.4)
      faraday-net_http (>= 2.0, < 3.1)
      ruby2_keywords (>= 0.0.4)
    faraday-net_http (3.0.2)
    hashie (5.0.0)
    jwt (2.7.0)
    multi_xml (0.6.0)
    oauth2 (2.0.9)
      faraday (>= 0.17.3, < 3.0)
      jwt (>= 1.0, < 3.0)
      multi_xml (~> 0.5)
      rack (>= 1.2, < 4)
      snaky_hash (~> 2.0)
      version_gem (~> 1.1)
    omniauth (2.0.4)
      hashie (>= 3.4.6)
      rack (>= 1.6.2, < 3)
      rack-protection
    omniauth-oauth2 (1.7.3)
      oauth2 (>= 1.4, < 3)
      omniauth (>= 1.9, < 3)
    rack (2.2.6.4)
    rack-protection (3.0.5)
      rack
    rake (13.0.3)
    ruby2_keywords (0.0.5)
    snaky_hash (2.0.1)
      hashie
      version_gem (~> 1.1, >= 1.1.1)
    version_gem (1.1.1)

PLATFORMS
  x86_64-darwin-19
  x86_64-linux

DEPENDENCIES
  bundler (>= 2)
  omniauth-xero-oauth2!
  rake (>= 10.0)

BUNDLED WITH
   2.2.15
